PATH
  remote: .
  specs:
    dbreaper (0.0.1)
      activerecord (~> 2.3)

GEM
  remote: http://rubygems.org/
  specs:
    activerecord (2.3.11)
      activesupport (= 2.3.11)
    activesupport (2.3.11)
    mocha (0.9.12)
    mysql (2.7)
    rspec (1.3.2)

PLATFORMS
  ruby

DEPENDENCIES
  dbreaper!
  mocha
  mysql (= 2.7)
  rspec (~> 1.3)
